GEM
  remote: https://rubygems.org/
  specs:
    actionmailer (2.3.16)
      actionpack (= 2.3.16)
    actionpack (2.3.16)
      activesupport (= 2.3.16)
      rack (~> 1.1.0)
    activerecord (2.3.16)
      activesupport (= 2.3.16)
    activeresource (2.3.16)
      activesupport (= 2.3.16)
    activesupport (2.3.16)
    capistrano (2.15.5)
      highline
      net-scp (>= 1.0.0)
      net-sftp (>= 2.0.0)
      net-ssh (>= 2.0.14)
      net-ssh-gateway (>= 1.1.0)
    daemon_controller (0.2.6)
    daemons (1.0.10)
    delayed_job (2.0.8)
      activesupport (~> 2.0)
      daemons (= 1.0.10)
    eventmachine (0.12.10)
    executable-hooks (1.3.2)
    fastercsv (1.5.5)
    fastthread (1.0.7)
    gem-wrappers (1.2.7)
    highline (1.6.9)
    hoe (2.9.4)
      rake (>= 0.8.7)
    httparty (0.8.3)
      multi_json (~> 1.0)
      multi_xml
    i18n (0.5.0)
    json (1.7.3)
    mail (2.2.15)
      activesupport (>= 2.3.6)
      i18n (>= 0.4.0)
      mime-types (~> 1.16)
      treetop (~> 1.4.8)
    memcache-client (1.8.5)
    mime-types (1.16)
    multi_json (1.3.6)
    multi_xml (0.5.5)
    net-scp (1.2.1)
      net-ssh (>= 2.6.5)
    net-sftp (2.1.2)
      net-ssh (>= 2.6.5)
    net-ssh (2.9.2)
    net-ssh-gateway (1.2.0)
      net-ssh (>= 2.6.5)
    nokogiri (1.4.4)
    polyglot (0.3.1)
    postgres (0.7.9.2008.01.28)
    rack (1.1.6)
    rack-mount (0.6.14)
      rack (>= 1.0.0)
    rack-test (0.5.7)
      rack (>= 1.0)
    rails (2.3.16)
      actionmailer (= 2.3.16)
      actionpack (= 2.3.16)
      activerecord (= 2.3.16)
      activeresource (= 2.3.16)
      activesupport (= 2.3.16)
      rake (>= 0.8.3)
    rake (10.1.1)
    rdoc (3.12)
      json (~> 1.4)
    ruby-hmac (0.4.0)
    rubygems-update (1.5.3)
    rubyzip (0.9.4)
    rvm-capistrano (1.5.6)
      capistrano (~> 2.15.4)
    starling-starling (0.10.0)
      eventmachine (>= 0.12.0)
      memcache-client (>= 1.7.0)
    treetop (1.4.15)
      polyglot
      polyglot (>= 0.3.1)

PLATFORMS
  ruby

DEPENDENCIES
  capistrano (= 2.15.5)
  daemon_controller (= 0.2.6)
  daemons (= 1.0.10)
  delayed_job (~> 2.0.4)
  executable-hooks (= 1.3.2)
  fastercsv (= 1.5.5)
  fastthread (= 1.0.7)
  gem-wrappers (= 1.2.7)
  highline (= 1.6.9)
  hoe (= 2.9.4)
  httparty (= 0.8.3)
  i18n (= 0.5.0)
  json (= 1.7.3)
  mail (= 2.2.15)
  mime-types (= 1.16)
  nokogiri (= 1.4.4)
  postgres (= 0.7.9.2008.01.28)
  rack-mount (= 0.6.14)
  rack-test (= 0.5.7)
  rails (= 2.3.16)
  rdoc (= 3.12)
  ruby-hmac (= 0.4.0)
  rubygems-update (= 1.5.3)
  rubyzip (= 0.9.4)
  rvm-capistrano
  starling-starling (= 0.10.0)
  treetop (= 1.4.15)
